GEM
  remote: https://rubygems.org/
  specs:
    backports (3.11.1)
    dotenv (2.2.1)
    faraday (0.14.0)
      multipart-post (>= 1.2, < 3)
    icalendar (2.4.1)
    logglier (0.2.13)
      multi_json (~> 1)
    multi_json (1.13.1)
    multipart-post (2.0.0)
    mustermann (1.0.2)
    nitlink (1.1.0)
    rack (2.0.4)
    rack-protection (2.0.1)
      rack
    sinatra (2.0.1)
      mustermann (~> 1.0)
      rack (~> 2.0)
      rack-protection (= 2.0.1)
      tilt (~> 2.0)
    sinatra-contrib (2.0.1)
      backports (>= 2.0)
      multi_json
      mustermann (~> 1.0)
      rack-protection (= 2.0.1)
      sinatra (= 2.0.1)
      tilt (>= 1.3, < 3)
    tilt (2.0.8)
    timerizer (0.3.0)

PLATFORMS
  ruby

DEPENDENCIES
  dotenv
  faraday
  icalendar
  logglier (~> 0.2.11)
  nitlink (~> 1.1)
  sinatra
  sinatra-contrib
  timerizer

RUBY VERSION
   ruby 2.5.0p0

BUNDLED WITH
   1.16.1
